GEM
  remote: https://rubygems.org/
  specs:
    language_server-protocol (3.17.0.2)
    mustermann (3.0.0)
      ruby2_keywords (~> 0.0.1)
    nio4r (2.5.8)
    prettier_print (1.2.0)
    puma (5.6.5)
      nio4r (~> 2.0)
    rack (2.2.5)
    rack-protection (3.0.5)
      rack
    ruby-lsp (0.3.7)
      language_server-protocol (~> 3.17.0)
      sorbet-runtime
      syntax_tree (>= 4.0.2, < 5.0.0)
    ruby2_keywords (0.0.5)
    sinatra (3.0.5)
      mustermann (~> 3.0)
      rack (~> 2.2, >= 2.2.4)
      rack-protection (= 3.0.5)
      tilt (~> 2.0)
    sorbet-runtime (0.5.10607)
    syntax_tree (4.3.0)
      prettier_print (>= 1.0.2)
    tilt (2.0.11)

PLATFORMS
  arm64-darwin-22

DEPENDENCIES
  puma (~> 5.6.5)
  ruby-lsp (~> 0.3.7)
  sinatra

BUNDLED WITH
   2.4.2
